GIT
  remote: https://github.com/geni/tr8n.git
  revision: 48d44bed3bc84e472bd089f8427c4a7362ac3ecb
  ref: 48d44bed
  specs:
    tr8n (2.3.4)
      rails (~> 2.3.0)
      will_filter (~> 2.3.0)

GIT
  remote: https://github.com/geni/will_filter.git
  revision: abd5ef8b8cba7c44206b0ffc36fab64e27c8d1ca
  ref: abd5ef8
  specs:
    will_filter (2.3.0)
      rails (~> 2.3.0)
      will_paginate (~> 2.3.0)

GIT
  remote: https://github.com/makandra/rails.git
  revision: 6c117d04777ae00f3c497f31cfbc4c23204dbb29
  branch: 2-3-lts
  specs:
    actionmailer (2.3.18.32)
      actionpack (= 2.3.18.32)
    actionpack (2.3.18.32)
      activesupport (= 2.3.18.32)
      rack (< 1.5)
    activerecord (2.3.18.32)
      activesupport (= 2.3.18.32)
    activeresource (2.3.18.32)
      activesupport (= 2.3.18.32)
    activesupport (2.3.18.32)
    rails (2.3.18.32)
      actionmailer (= 2.3.18.32)
      actionpack (= 2.3.18.32)
      activerecord (= 2.3.18.32)
      activeresource (= 2.3.18.32)
      activesupport (= 2.3.18.32)
      railslts-version (= 2.3.18.32)
      railties (= 2.3.18.32)
    railslts-version (2.3.18.32)
    railties (2.3.18.32)
      actionpack (= 2.3.18.32)
      activesupport (= 2.3.18.32)
      rake (>= 0.8.3, < 11)

PATH
  remote: .
  specs:
    platform (2.3.1)

GEM
  remote: http://rubygems.org/
  specs:
    acts_as_state_machine (2.2.0)
      activerecord (>= 2.1)
    acts_as_tree (0.1.1)
    docile (1.3.2)
    json (2.3.1)
    power_assert (1.2.0)
    rack (1.4.7)
    rake (0.9.2.2)
    simplecov (0.17.1)
      docile (~> 1.1)
      json (>= 1.8, < 3)
      simplecov-html (~> 0.10.0)
    simplecov-html (0.10.2)
    sqlite3 (1.3.3)
    test-unit (3.3.6)
      power_assert
    webrick (1.6.0)
    will_paginate (2.3.17)

PLATFORMS
  ruby

DEPENDENCIES
  actionmailer!
  actionpack!
  activerecord!
  activeresource!
  activesupport!
  acts_as_state_machine (~> 2.2.0)
  acts_as_tree (~> 0.1.1)
  platform!
  rails (~> 2.3.18)!
  railslts-version!
  railties!
  rake (= 0.9.2.2)
  simplecov
  simplecov-html
  sqlite3
  test-unit
  tr8n!
  webrick
  will_filter!
  will_paginate (~> 2.3)

BUNDLED WITH
   1.17.3
